GEM
  remote: http://rubygems.org/
  specs:
    activesupport (5.2.1)
      concurrent-ruby (~> 1.0, >= 1.0.2)
      i18n (>= 0.7, < 2)
      minitest (~> 5.1)
      tzinfo (~> 1.1)
    axiom-types (0.1.1)
      descendants_tracker (~> 0.0.4)
      ice_nine (~> 0.11.0)
      thread_safe (~> 0.3, >= 0.3.1)
    builder (3.2.3)
    coercible (1.0.0)
      descendants_tracker (~> 0.0.1)
    concurrent-ruby (1.0.5-java)
    descendants_tracker (0.0.4)
      thread_safe (~> 0.3, >= 0.3.1)
    equalizer (0.0.11)
    grape (1.1.0)
      activesupport
      builder
      mustermann-grape (~> 1.0.0)
      rack (>= 1.3.0)
      rack-accept
      virtus (>= 1.0.0)
    i18n (1.1.1)
      concurrent-ruby (~> 1.0)
    ice_nine (0.11.2)
    jar-dependencies (0.4.0)
    jbundler (0.9.3)
      bundler (~> 1.5)
      jar-dependencies (~> 0.3)
      maven-tools (~> 1.1)
      ruby-maven (~> 3.3, >= 3.3.8)
    jdbc-mysql (5.1.46)
    maven-tools (1.1.6)
      virtus (~> 1.0)
    minitest (5.11.3)
    mondrian-olap (0.8.0)
      nokogiri
    mondrian-rest (1.0.2-java)
      activesupport (~> 5.1, >= 5.1.5)
      grape (~> 1.0, >= 1.0.0)
      mondrian-olap (~> 0.8.0)
      writeexcel (~> 1.0, >= 1.0.5)
    mustermann (1.0.3)
    mustermann-grape (1.0.0)
      mustermann (~> 1.0.0)
    nokogiri (1.8.5-java)
    rack (2.0.5)
    rack-accept (0.4.5)
      rack (>= 0.4)
    rack-cors (0.4.0)
    ruby-maven (3.3.12)
      ruby-maven-libs (~> 3.3.9)
    ruby-maven-libs (3.3.9)
    thread_safe (0.3.6-java)
    tzinfo (1.2.5)
      thread_safe (~> 0.1)
    virtus (1.0.5)
      axiom-types (~> 0.1)
      coercible (~> 1.0)
      descendants_tracker (~> 0.0, >= 0.0.3)
      equalizer (~> 0.0, >= 0.0.9)
    writeexcel (1.0.5)

PLATFORMS
  java
  ruby

DEPENDENCIES
  jbundler
  jdbc-mysql
  mondrian-rest
  rack-cors

BUNDLED WITH
   1.16.6
